PATH
  remote: .
  specs:
    resque_spec (0.17.0)
      resque (>= 1.19.0)
      rspec-core (>= 3.0.0)
      rspec-expectations (>= 3.0.0)
      rspec-mocks (>= 3.0.0)

GEM
  remote: https://rubygems.org/
  specs:
    byebug (5.0.0)
      columnize (= 0.9.0)
    coderay (1.1.0)
    columnize (0.9.0)
    diff-lcs (1.2.5)
    method_source (0.8.2)
    mono_logger (1.1.0)
    multi_json (1.15.0)
    mustermann (1.1.1)
      ruby2_keywords (~> 0.0.1)
    pry (0.10.2)
      coderay (~> 1.1.0)
      method_source (~> 0.8.1)
      slop (~> 3.4)
    pry-byebug (3.2.0)
      byebug (~> 5.0)
      pry (~> 0.10)
    rack (2.2.3)
    rack-protection (2.1.0)
      rack
    rake (10.1.0)
    redis (4.2.5)
    redis-namespace (1.8.0)
      redis (>= 3.0.4)
    resque (2.0.0)
      mono_logger (~> 1.0)
      multi_json (~> 1.0)
      redis-namespace (~> 1.6)
      sinatra (>= 0.9.2)
      vegas (~> 0.1.2)
    resque-scheduler (2.0.1)
      redis (>= 2.0.1)
      resque (>= 1.20.0)
      rufus-scheduler
    rspec (3.0.0)
      rspec-core (~> 3.0.0)
      rspec-expectations (~> 3.0.0)
      rspec-mocks (~> 3.0.0)
    rspec-core (3.0.0)
      rspec-support (~> 3.0.0)
    rspec-expectations (3.0.0)
      diff-lcs (>= 1.2.0, < 2.0)
      rspec-support (~> 3.0.0)
    rspec-mocks (3.0.0)
      rspec-support (~> 3.0.0)
    rspec-support (3.0.0)
    ruby2_keywords (0.0.4)
    rufus-scheduler (2.0.22)
      tzinfo (>= 0.3.23)
    sinatra (2.1.0)
      mustermann (~> 1.0)
      rack (~> 2.2)
      rack-protection (= 2.1.0)
      tilt (~> 2.0)
    slop (3.6.0)
    tilt (2.0.10)
    timecop (0.6.3)
    tzinfo (1.0.1)
    vegas (0.1.11)
      rack (>= 1.0.0)

PLATFORMS
  ruby

DEPENDENCIES
  pry
  pry-byebug
  rake
  resque-scheduler
  resque_spec!
  rspec (>= 3.0.0)
  timecop

BUNDLED WITH
   1.10.6
